GIT
  remote: https://github.com/OSAS/jekyll-haml.git
  revision: 09241f926a6dbd430150b18ec274bd711e873ce8
  branch: haml_jekyll_context
  specs:
    jekyll-haml (0.1.6)
      haml (>= 3.0.0)
      jekyll (>= 3.3.0)

GEM
  remote: https://rubygems.org/
  specs:
    activesupport (6.0.0)
      concurrent-ruby (~> 1.0, >= 1.0.2)
      i18n (>= 0.7, < 2)
      minitest (~> 5.1)
      tzinfo (~> 1.1)
      zeitwerk (~> 2.1, >= 2.1.8)
    addressable (2.6.0)
      public_suffix (>= 2.0.2, < 4.0)
    autoprefixer-rails (9.6.1)
      execjs
    bootstrap-sass (3.4.1)
      autoprefixer-rails (>= 5.2.1)
      sassc (>= 2.0.0)
    chronic (0.10.2)
    coffee-script (2.4.1)
      coffee-script-source
      execjs
    coffee-script-source (1.12.2)
    colorator (1.1.0)
    concurrent-ruby (1.1.5)
    em-websocket (0.5.1)
      eventmachine (>= 0.12.9)
      http_parser.rb (~> 0.6.0)
    eventmachine (1.2.7)
    execjs (2.7.0)
    ffi (1.11.1)
    font-awesome-sass (5.9.0)
      sassc (>= 1.11)
    forwardable-extended (2.6.0)
    gemoji (3.0.1)
    haml (5.1.2)
      temple (>= 0.8.0)
      tilt
    hash_dot (2.4.2)
    html-pipeline (2.12.0)
      activesupport (>= 2)
      nokogiri (>= 1.4)
    http_parser.rb (0.6.0)
    i18n (0.9.5)
      concurrent-ruby (~> 1.0)
    icalendar (1.5.4)
    jekyll (3.8.6)
      addressable (~> 2.4)
      colorator (~> 1.0)
      em-websocket (~> 0.5)
      i18n (~> 0.7)
      jekyll-sass-converter (~> 1.0)
      jekyll-watch (~> 2.0)
      kramdown (~> 1.14)
      liquid (~> 4.0)
      mercenary (~> 0.3.3)
      pathutil (~> 0.9)
      rouge (>= 1.7, < 4)
      safe_yaml (~> 1.0)
    jekyll-coffeescript (1.2.2)
      coffee-script (~> 2.2)
      coffee-script-source (~> 1.12)
    jekyll-font-awesome-sass (0.1.1)
      font-awesome-sass (>= 4)
      jekyll (>= 2.5, < 4.0)
    jekyll-paginate (1.1.0)
    jekyll-redirect-from (0.15.0)
      jekyll (>= 3.3, < 5.0)
    jekyll-sass-converter (1.5.2)
      sass (~> 3.4)
    jekyll-seo-tag (2.6.1)
      jekyll (>= 3.3, < 5.0)
    jekyll-sitemap (1.3.1)
      jekyll (>= 3.7, < 5.0)
    jekyll-watch (2.2.1)
      listen (~> 3.0)
    jemoji (0.11.1)
      gemoji (~> 3.0)
      html-pipeline (~> 2.2)
      jekyll (>= 3.0, < 5.0)
    kramdown (1.17.0)
    liquid (4.0.3)
    listen (3.1.5)
      rb-fsevent (~> 0.9, >= 0.9.4)
      rb-inotify (~> 0.9, >= 0.9.7)
      ruby_dep (~> 1.2)
    mercenary (0.3.6)
    mini_portile2 (2.4.0)
    minitest (5.11.3)
    nokogiri (1.10.4)
      mini_portile2 (~> 2.4.0)
    pathutil (0.16.2)
      forwardable-extended (~> 2.6)
    public_suffix (3.1.1)
    rb-fsevent (0.10.3)
    rb-inotify (0.10.0)
      ffi (~> 1.0)
    rouge (3.9.0)
    ruby_dep (1.5.0)
    safe_yaml (1.0.5)
    sass (3.7.4)
      sass-listen (~> 4.0.0)
    sass-listen (4.0.0)
      rb-fsevent (~> 0.9, >= 0.9.4)
      rb-inotify (~> 0.9, >= 0.9.7)
    temple (0.8.1)
    thread_safe (0.3.6)
    tilt (2.0.9)
    tzinfo (1.2.5)
      thread_safe (~> 0.1)
    zeitwerk (2.1.9)

PLATFORMS
  ruby

DEPENDENCIES
  bootstrap-sass
  chronic
  hash_dot (~> 2.4.2)
  icalendar (~> 1.5)
  jekyll (~> 3)
  jekyll-coffeescript
  jekyll-font-awesome-sass
  jekyll-haml!
  jekyll-paginate
  jekyll-redirect-from
  jekyll-sass-converter
  jekyll-seo-tag
  jekyll-sitemap
  jemoji
  kramdown
  liquid
  listen

RUBY VERSION
   ruby 2.5.5p157

BUNDLED WITH
   1.17.3
